GEM
  remote: https://rubygems.org/
  specs:
    addressable (2.5.2)
      public_suffix (>= 2.0.2, < 4.0)
    ast (2.4.0)
    coderay (1.1.2)
    erubis (2.7.0)
    faraday (0.15.3)
      multipart-post (>= 1.2, < 3)
    method_source (0.8.2)
    mini_portile2 (2.3.0)
    multipart-post (2.0.0)
    nokogiri (1.8.5)
      mini_portile2 (~> 2.3.0)
    octokit (4.12.0)
      sawyer (~> 0.8.0, >= 0.5.3)
    parallel (1.12.1)
    parser (2.5.1.2)
      ast (~> 2.4.0)
    powerpack (0.1.2)
    pry (0.10.4)
      coderay (~> 1.1.0)
      method_source (~> 0.8.1)
      slop (~> 3.4)
    public_suffix (3.0.3)
    rainbow (2.2.2)
      rake
    rake (13.0.1)
    rcodetools (0.8.5.0)
    rubocop (0.51.0)
      parallel (~> 1.10)
      parser (>= 2.3.3.1, < 3.0)
      powerpack (~> 0.1)
      rainbow (>= 2.2.2, < 3.0)
      ruby-progressbar (~> 1.7)
      unicode-display_width (~> 1.0, >= 1.0.1)
    ruby-debug-ide (0.6.1)
      rake (>= 0.8.1)
    ruby-progressbar (1.10.0)
    sawyer (0.8.1)
      addressable (>= 2.3.5, < 2.6)
      faraday (~> 0.8, < 1.0)
    slop (3.6.0)
    unicode-display_width (1.4.0)

PLATFORMS
  ruby

DEPENDENCIES
  erubis (~> 2.7)
  nokogiri (~> 1.8.5)
  octokit (~> 4.6, >= 4.6.2)
  pry (~> 0.10.4)
  rcodetools
  rubocop (~> 0.51.0)
  ruby-debug-ide

BUNDLED WITH
   1.17.2
