GEM
  remote: https://rubygems.org/
  specs:
    addressable (2.5.0)
      public_suffix (~> 2.0, >= 2.0.2)
    ast (2.3.0)
    coderay (1.1.1)
    erubis (2.7.0)
    faraday (0.11.0)
      multipart-post (>= 1.2, < 3)
    method_source (0.8.2)
    mini_portile2 (2.1.0)
    multipart-post (2.0.0)
    nokogiri (1.7.0.1)
      mini_portile2 (~> 2.1.0)
    octokit (4.6.2)
      sawyer (~> 0.8.0, >= 0.5.3)
    parser (2.4.0.0)
      ast (~> 2.2)
    powerpack (0.1.1)
    pry (0.10.4)
      coderay (~> 1.1.0)
      method_source (~> 0.8.1)
      slop (~> 3.4)
    public_suffix (2.0.5)
    rainbow (2.2.1)
    rake (12.0.0)
    rcodetools (0.8.5.0)
    rubocop (0.47.1)
      parser (>= 2.3.3.1, < 3.0)
      powerpack (~> 0.1)
      rainbow (>= 1.99.1, < 3.0)
      ruby-progressbar (~> 1.7)
      unicode-display_width (~> 1.0, >= 1.0.1)
    ruby-debug-ide (0.6.0)
      rake (>= 0.8.1)
    ruby-progressbar (1.8.1)
    sawyer (0.8.1)
      addressable (>= 2.3.5, < 2.6)
      faraday (~> 0.8, < 1.0)
    slop (3.6.0)
    unicode-display_width (1.1.3)

PLATFORMS
  ruby

DEPENDENCIES
  erubis (~> 2.7)
  nokogiri (~> 1.6, >= 1.6.7.2)
  octokit (~> 4.6, >= 4.6.2)
  pry (~> 0.10.4)
  rcodetools
  rubocop (~> 0.47.1)
  ruby-debug-ide

BUNDLED WITH
   1.14.3
